GEM
  specs:
    activesupport (3.2.13)
      i18n (= 0.6.1)
      multi_json (~> 1.0)
    attr_required (0.0.5)
    bson (1.9.1)
    celluloid (0.14.1)
      timers (>= 1.0.0)
    connection_pool (1.1.0)
    fb_graph (2.7.7)
      httpclient (>= 2.2.0.2)
      multi_json (>= 1.3)
      rack-oauth2 (>= 0.14.4)
      tzinfo
    httpclient (2.3.3)
    i18n (0.6.1)
    json (1.8.0)
    mongo (1.9.1)
      bson (~> 1.9.1)
    multi_json (1.7.7)
    rack (1.5.2)
    rack-oauth2 (1.0.5)
      activesupport (>= 2.3)
      attr_required (>= 0.0.5)
      httpclient (>= 2.2.0.2)
      multi_json (>= 1.3.6)
      rack (>= 1.1)
    rack-protection (1.5.0)
      rack
    redis (3.0.4)
    redis-namespace (1.3.0)
      redis (~> 3.0.0)
    sidekiq (2.13.0)
      celluloid (>= 0.14.1)
      connection_pool (>= 1.0.0)
      json
      redis (>= 3.0)
      redis-namespace
    sinatra (1.4.3)
      rack (~> 1.4)
      rack-protection (~> 1.4)
      tilt (~> 1.3, >= 1.3.4)
    tilt (1.4.1)
    timers (1.1.0)
    tzinfo (1.0.1)

PLATFORMS
  ruby

DEPENDENCIES
  fb_graph
  json
  mongo
  sidekiq
  sinatra
